GEM
  remote: https://rubygems.org/
  specs:
    artii (2.1.2)
    colorize (0.8.1)
    equatable (0.6.1)
    htmlentities (4.3.4)
    httparty (0.21.0)
      mini_mime (>= 1.0.0)
      multi_xml (>= 0.5.2)
    lolcat (100.0.1)
      manpages (~> 0.6.1)
      optimist (~> 3.0.0)
      paint (~> 2.1)
    manpages (0.6.1)
    mini_mime (1.1.2)
    multi_xml (0.6.0)
    necromancer (0.5.1)
    optimist (3.0.1)
    paint (2.2.0)
    pastel (0.7.3)
      equatable (~> 0.6)
      tty-color (~> 0.5)
    power_assert (1.2.0)
    strings-ansi (0.1.0)
    test-unit (3.3.5)
      power_assert
    tty-color (0.5.1)
    tty-cursor (0.7.1)
    tty-progressbar (0.17.0)
      strings-ansi (~> 0.1.0)
      tty-cursor (~> 0.7)
      tty-screen (~> 0.7)
      unicode-display_width (~> 1.6)
    tty-prompt (0.21.0)
      necromancer (~> 0.5.0)
      pastel (~> 0.7.0)
      tty-reader (~> 0.7.0)
    tty-reader (0.7.0)
      tty-cursor (~> 0.7)
      tty-screen (~> 0.7)
      wisper (~> 2.0.0)
    tty-screen (0.7.1)
    unicode-display_width (1.7.0)
    wisper (2.0.1)

PLATFORMS
  ruby

DEPENDENCIES
  artii (~> 2.1)
  colorize (~> 0.8.1)
  htmlentities (~> 4.3)
  httparty (~> 0.21.0)
  lolcat (~> 100.0)
  test-unit (~> 3.3)
  tty-cursor (~> 0.7.1)
  tty-progressbar (~> 0.17.0)
  tty-prompt (~> 0.21.0)

BUNDLED WITH
   2.1.4
